GEM
  remote: https://rubygems.org/
  specs:
    activemodel (5.1.2)
      activesupport (= 5.1.2)
    activesupport (5.1.2)
      concurrent-ruby (~> 1.0, >= 1.0.2)
      i18n (~> 0.7)
      minitest (~> 5.1)
      tzinfo (~> 1.1)
    addressable (2.5.1)
      public_suffix (~> 2.0, >= 2.0.2)
    backports (3.8.0)
    bcrypt (3.1.11)
    bcrypt-ruby (3.1.5)
      bcrypt (>= 3.1.3)
    bson (4.2.2)
    builder (3.2.3)
    coderay (1.1.1)
    concurrent-ruby (1.0.5)
    crack (0.4.3)
      safe_yaml (~> 1.0.0)
    cucumber (2.4.0)
      builder (>= 2.1.2)
      cucumber-core (~> 1.5.0)
      cucumber-wire (~> 0.0.1)
      diff-lcs (>= 1.1.3)
      gherkin (~> 4.0)
      multi_json (>= 1.7.5, < 2.0)
      multi_test (>= 0.1.2)
    cucumber-core (1.5.0)
      gherkin (~> 4.0)
    cucumber-wire (0.0.1)
    database_cleaner (1.6.1)
    diff-lcs (1.3)
    factory_girl (4.8.0)
      activesupport (>= 3.0.0)
    faraday (0.12.2)
      multipart-post (>= 1.2, < 3)
    faraday_middleware (0.11.0.1)
      faraday (>= 0.7.4, < 1.0)
    gherkin (4.1.3)
    gigya (0.0.4)
      faraday
      faraday_middleware
      ruby-hmac
    hashdiff (0.3.4)
    i18n (0.8.6)
    method_source (0.8.2)
    minitest (5.10.3)
    mock_redis (0.17.3)
    mongo (2.4.3)
      bson (>= 4.2.1, < 5.0.0)
    mongoid (6.2.0)
      activemodel (~> 5.1)
      mongo (>= 2.4.1, < 3.0.0)
    mongoid-rspec (1.10.0)
      mongoid (>= 3.0.1)
      rake
      rspec (>= 2.14)
    mongoid_migrations (1.0.1)
      activesupport (>= 4.2.0)
      bundler (>= 1.0.0)
      mongoid (>= 5.0.0)
    multi_json (1.12.1)
    multi_test (0.1.2)
    multipart-post (2.0.0)
    mustermann (1.0.0)
    pry (0.10.4)
      coderay (~> 1.1.0)
      method_source (~> 0.8.1)
      slop (~> 3.4)
    pry-nav (0.2.4)
      pry (>= 0.9.10, < 0.11.0)
    public_suffix (2.0.5)
    puma (3.9.1)
    rabl (0.13.1)
      activesupport (>= 2.3.14)
    rack (2.0.3)
    rack-protection (2.0.0)
      rack
    rack-test (0.7.0)
      rack (>= 1.0, < 3)
    rake (12.0.0)
    rspec (2.99.0)
      rspec-core (~> 2.99.0)
      rspec-expectations (~> 2.99.0)
      rspec-mocks (~> 2.99.0)
    rspec-core (2.99.2)
    rspec-expectations (2.99.2)
      diff-lcs (>= 1.1.3, < 2.0)
    rspec-mocks (2.99.4)
    ruby-hmac (0.4.0)
    safe_yaml (1.0.4)
    sinatra (2.0.0)
      mustermann (~> 1.0)
      rack (~> 2.0)
      rack-protection (= 2.0.0)
      tilt (~> 2.0)
    sinatra-contrib (2.0.0)
      backports (>= 2.0)
      multi_json
      mustermann (~> 1.0)
      rack-protection (= 2.0.0)
      sinatra (= 2.0.0)
      tilt (>= 1.3, < 3)
    sinatra-reloader (1.0)
      sinatra-contrib
    slop (3.6.0)
    thread_safe (0.3.6)
    tilt (2.0.7)
    timecop (0.9.1)
    tzinfo (1.2.3)
      thread_safe (~> 0.1)
    vcr (3.0.3)
    webmock (3.0.1)
      addressable (>= 2.3.6)
      crack (>= 0.3.2)
      hashdiff

PLATFORMS
  ruby

DEPENDENCIES
  bcrypt-ruby
  cucumber
  database_cleaner
  factory_girl
  gigya
  mock_redis
  mongoid
  mongoid-rspec
  mongoid_migrations
  pry
  pry-nav
  puma
  rabl
  rack-test
  rake
  rspec
  sinatra
  sinatra-reloader
  timecop
  vcr
  webmock

BUNDLED WITH
   1.15.3
